GEM
  remote: https://rubygems.org/
  specs:
    concurrent-ruby (1.3.5)
    faker (3.2.3)
      i18n (>= 1.8.11, < 2)
    i18n (1.14.7)
      concurrent-ruby (~> 1.0)

PLATFORMS
  arm64-darwin-23
  ruby

DEPENDENCIES
  faker (~> 3.2.0)

BUNDLED WITH
   2.6.3
